GEM
  remote: https://rubygems.org/
  specs:
    WithMotion (0.1.1)
    motion-bundler (0.2.1)
      thor
    promise.rb (0.7.2)
    rake (11.3.0)
    thor (0.19.1)

PLATFORMS
  ruby

DEPENDENCIES
  WithMotion
  motion-bundler
  promise.rb
  rake

BUNDLED WITH
   1.13.5
