GEM
  remote: https://rubygems.org/
  specs:
    WithMotion (0.1.1)
    motion-bundler (0.2.1)
      thor
    promise.rb (0.6.1)
    rake (10.4.2)
    thor (0.19.1)

PLATFORMS
  ruby

DEPENDENCIES
  WithMotion
  motion-bundler
  promise.rb
  rake
