PATH
  remote: ../promise.rb
  specs:
    promise.rb (0.7.1)

GEM
  remote: https://rubygems.org/
  specs:
    WithMotion (0.1.1)
    motion-bundler (0.2.1)
      thor
    rake (11.1.2)
    thor (0.19.1)

PLATFORMS
  ruby

DEPENDENCIES
  WithMotion
  motion-bundler
  promise.rb!
  rake

BUNDLED WITH
   1.11.2
